GEM
  remote: https://rubygems.org/
  specs:
    builder (3.2.2)
    markaby (0.8.0)
      builder
    pg (0.17.1)
    puma (1.6.3)
      rack (~> 1.2)
    rack (1.5.2)
    rack-protection (1.5.2)
      rack
    sequel (4.8.0)
    sinatra (1.4.4)
      rack (~> 1.4)
      rack-protection (~> 1.4)
      tilt (~> 1.3, >= 1.3.4)
    tilt (1.4.1)

PLATFORMS
  ruby

DEPENDENCIES
  markaby
  pg
  puma
  sequel
  sinatra
